GEM
  remote: https://rubygems.org/
  specs:
    architect-functions (0.5.3)
      aws-sdk-apigateway (~> 1.33, >= 1.33.0)
      aws-sdk-dynamodb (~> 1.33, >= 1.33.0)
      aws-sdk-s3 (~> 1.45, >= 1.45.0)
      aws-sdk-sns (~> 1.18, >= 1.18.0)
      aws-sdk-sqs (~> 1.18, >= 1.18.0)
      aws-sdk-ssm (~> 1.52, >= 1.52.0)
      jwe (~> 0.4, >= 0.4.0)
    aws-eventstream (1.1.1)
    aws-partitions (1.446.0)
    aws-sdk-apigateway (1.62.0)
      aws-sdk-core (~> 3, >= 3.112.0)
      aws-sigv4 (~> 1.1)
    aws-sdk-core (3.114.0)
      aws-eventstream (~> 1, >= 1.0.2)
      aws-partitions (~> 1, >= 1.239.0)
      aws-sigv4 (~> 1.1)
      jmespath (~> 1.0)
    aws-sdk-dynamodb (1.60.0)
      aws-sdk-core (~> 3, >= 3.112.0)
      aws-sigv4 (~> 1.1)
    aws-sdk-kms (1.43.0)
      aws-sdk-core (~> 3, >= 3.112.0)
      aws-sigv4 (~> 1.1)
    aws-sdk-s3 (1.93.1)
      aws-sdk-core (~> 3, >= 3.112.0)
      aws-sdk-kms (~> 1)
      aws-sigv4 (~> 1.1)
    aws-sdk-sns (1.39.0)
      aws-sdk-core (~> 3, >= 3.112.0)
      aws-sigv4 (~> 1.1)
    aws-sdk-sqs (1.38.0)
      aws-sdk-core (~> 3, >= 3.112.0)
      aws-sigv4 (~> 1.1)
    aws-sdk-ssm (1.108.0)
      aws-sdk-core (~> 3, >= 3.112.0)
      aws-sigv4 (~> 1.1)
    aws-sigv4 (1.2.3)
      aws-eventstream (~> 1, >= 1.0.2)
    jmespath (1.4.0)
    jwe (0.4.0)
    logger (1.4.3)

PLATFORMS
  ruby
  x86_64-darwin-20

DEPENDENCIES
  architect-functions (~> 0.5.3)
  logger (~> 1.4)

RUBY VERSION
   ruby 2.7.2p137

BUNDLED WITH
   2.2.15
